GEM
  remote: https://rubygems.org/
  specs:
    async (2.21.1)
      console (~> 1.29)
      fiber-annotation
      io-event (~> 1.6, >= 1.6.5)
    coderay (1.1.3)
    console (1.29.2)
      fiber-annotation
      fiber-local (~> 1.1)
      json
    drb (2.2.1)
    fiber-annotation (0.2.0)
    fiber-local (1.1.0)
      fiber-storage
    fiber-storage (1.0.0)
    io-console (0.8.0)
    io-event (1.7.5)
    json (2.9.1)
    method_source (1.1.0)
    pry (0.15.2)
      coderay (~> 1.1)
      method_source (~> 1.0)
    pry-remote (0.1.8)
      pry (~> 0.9)
      slop (~> 3.0)
    reline (0.6.0)
      io-console (~> 0.5)
    slop (3.6.0)
    statsd-ruby (1.5.0)

PLATFORMS
  arm64-darwin-23
  ruby

DEPENDENCIES
  async
  drb
  pry-remote
  reline
  statsd-ruby

BUNDLED WITH
   2.5.19
